GEM
  remote: https://rubygems.org/
  specs:
    Ascii85 (1.1.1)
    afm (0.2.2)
    bigdecimal (3.1.8)
    chunky_png (1.3.15)
    convolver-light (0.3.3)
      narray (>= 0.6.0.8)
    hashery (2.1.2)
    iguvium (0.9.3)
      convolver-light (~> 0.3.1)
      matrix
      oily_png (~> 1.2)
      pdf-reader (~> 2.1)
      slop (~> 4.2)
    matrix (0.4.2)
    narray (0.6.1.2)
    nokogiri (1.16.7-x86_64-linux)
      racc (~> 1.4)
    oily_png (1.2.1)
      chunky_png (~> 1.3.7)
    pdf-reader (2.12.0)
      Ascii85 (~> 1.0)
      afm (~> 0.2.1)
      hashery (~> 2.0)
      ruby-rc4
      ttfunk
    racc (1.8.1)
    ruby-rc4 (0.1.5)
    slop (4.10.1)
    ttfunk (1.8.0)
      bigdecimal (~> 3.1)

PLATFORMS
  x86_64-linux

DEPENDENCIES
  iguvium
  nokogiri

BUNDLED WITH
   2.3.7
